GIT
  remote: https://github.com/rspec/rspec-core.git
  revision: 9f55fafe62ea367a4801ebed2ca19cf6dfdceb39
  specs:
    rspec-core (3.10.0.pre)
      rspec-support (= 3.10.0.pre)

GIT
  remote: https://github.com/rspec/rspec-expectations.git
  revision: a7205975dcda3f53466ba5952f7dec8ac452e18c
  specs:
    rspec-expectations (3.10.0.pre)
      diff-lcs (>= 1.2.0, < 2.0)
      rspec-support (= 3.10.0.pre)

GIT
  remote: https://github.com/rspec/rspec-mocks.git
  revision: 1728885f65b25a9676c5ce54133ef8a1283e2e0d
  specs:
    rspec-mocks (3.10.0.pre)
      diff-lcs (>= 1.2.0, < 2.0)
      rspec-support (= 3.10.0.pre)

GIT
  remote: https://github.com/rspec/rspec-rails.git
  revision: 8310395d02f96cb77ce56a57451f437b86682aab
  specs:
    rspec-rails (4.1.0.pre)
      actionpack (>= 4.2)
      activesupport (>= 4.2)
      railties (>= 4.2)
      rspec-core (= 3.10.0.pre)
      rspec-expectations (= 3.10.0.pre)
      rspec-mocks (= 3.10.0.pre)
      rspec-support (= 3.10.0.pre)

GIT
  remote: https://github.com/rspec/rspec-support.git
  revision: 6553911974ee93855008f8ff41c26cea6652d74d
  specs:
    rspec-support (3.10.0.pre)

GIT
  remote: https://ef44d43b3bd2bcace3681ac53e1553a1a4f98eda:x-oauth-basic@github.com/railslove/happypdf_renderer.git
  revision: 93904fec6582ba8a04eca52cf2be6e1e5b748648
  specs:
    happypdf_renderer (0.2.4)
      httparty (~> 0.11)
      rails (>= 3.1.0)

GEM
  remote: https://rubygems.org/
  specs:
    actioncable (6.0.3.3)
      actionpack (= 6.0.3.3)
      nio4r (~> 2.0)
      websocket-driver (>= 0.6.1)
    actionmailbox (6.0.3.3)
      actionpack (= 6.0.3.3)
      activejob (= 6.0.3.3)
      activerecord (= 6.0.3.3)
      activestorage (= 6.0.3.3)
      activesupport (= 6.0.3.3)
      mail (>= 2.7.1)
    actionmailer (6.0.3.3)
      actionpack (= 6.0.3.3)
      actionview (= 6.0.3.3)
      activejob (= 6.0.3.3)
      mail (~> 2.5, >= 2.5.4)
      rails-dom-testing (~> 2.0)
    actionpack (6.0.3.3)
      actionview (= 6.0.3.3)
      activesupport (= 6.0.3.3)
      rack (~> 2.0, >= 2.0.8)
      rack-test (>= 0.6.3)
      rails-dom-testing (~> 2.0)
      rails-html-sanitizer (~> 1.0, >= 1.2.0)
    actiontext (6.0.3.3)
      actionpack (= 6.0.3.3)
      activerecord (= 6.0.3.3)
      activestorage (= 6.0.3.3)
      activesupport (= 6.0.3.3)
      nokogiri (>= 1.8.5)
    actionview (6.0.3.3)
      activesupport (= 6.0.3.3)
      builder (~> 3.1)
      erubi (~> 1.4)
      rails-dom-testing (~> 2.0)
      rails-html-sanitizer (~> 1.1, >= 1.2.0)
    activejob (6.0.3.3)
      activesupport (= 6.0.3.3)
      globalid (>= 0.3.6)
    activemodel (6.0.3.3)
      activesupport (= 6.0.3.3)
    activemodel-serializers-xml (1.0.2)
      activemodel (> 5.x)
      activesupport (> 5.x)
      builder (~> 3.1)
    activerecord (6.0.3.3)
      activemodel (= 6.0.3.3)
      activesupport (= 6.0.3.3)
    activestorage (6.0.3.3)
      actionpack (= 6.0.3.3)
      activejob (= 6.0.3.3)
      activerecord (= 6.0.3.3)
      marcel (~> 0.3.1)
    activestorage-validator (0.1.3)
      rails (>= 5.2.0)
    activesupport (6.0.3.3)
      concurrent-ruby (~> 1.0, >= 1.0.2)
      i18n (>= 0.7, < 2)
      minitest (~> 5.1)
      tzinfo (~> 1.1)
      zeitwerk (~> 2.2, >= 2.2.2)
    addressable (2.7.0)
      public_suffix (>= 2.0.2, < 5.0)
    aws-eventstream (1.1.0)
    aws-partitions (1.326.0)
    aws-sdk-core (3.98.0)
      aws-eventstream (~> 1, >= 1.0.2)
      aws-partitions (~> 1, >= 1.239.0)
      aws-sigv4 (~> 1.1)
      jmespath (~> 1.0)
    aws-sdk-kms (1.33.0)
      aws-sdk-core (~> 3, >= 3.71.0)
      aws-sigv4 (~> 1.1)
    aws-sdk-s3 (1.67.1)
      aws-sdk-core (~> 3, >= 3.96.1)
      aws-sdk-kms (~> 1)
      aws-sigv4 (~> 1.1)
    aws-sigv4 (1.1.4)
      aws-eventstream (~> 1.0, >= 1.0.2)
    bcrypt (3.1.13)
    bootsnap (1.4.6)
      msgpack (~> 1.0)
    builder (3.2.4)
    byebug (11.1.3)
    chunky_png (1.3.11)
    concurrent-ruby (1.1.7)
    connection_pool (2.2.2)
    crack (0.4.3)
      safe_yaml (~> 1.0.0)
    crass (1.0.6)
    css_parser (1.7.1)
      addressable
    devise (4.7.1)
      bcrypt (~> 3.0)
      orm_adapter (~> 0.1)
      railties (>= 4.1.0)
      responders
      warden (~> 1.2.3)
    devise-jwt (0.6.0)
      devise (~> 4.0)
      warden-jwt_auth (~> 0.4)
    diff-lcs (1.3)
    domain_name (0.5.20190701)
      unf (>= 0.0.5, < 1.0.0)
    dotenv (2.7.5)
    dotenv-rails (2.7.5)
      dotenv (= 2.7.5)
      railties (>= 3.2, < 6.1)
    dry-auto_inject (0.7.0)
      dry-container (>= 0.3.4)
    dry-configurable (0.9.0)
      concurrent-ruby (~> 1.0)
      dry-core (~> 0.4, >= 0.4.7)
    dry-container (0.7.2)
      concurrent-ruby (~> 1.0)
      dry-configurable (~> 0.1, >= 0.1.3)
    dry-core (0.4.9)
      concurrent-ruby (~> 1.0)
    e2mmap (0.1.0)
    erubi (1.9.0)
    et-orbi (1.2.4)
      tzinfo
    factory_bot (5.2.0)
      activesupport (>= 4.2.0)
    factory_bot_rails (5.2.0)
      factory_bot (~> 5.2.0)
      railties (>= 4.2.0)
    faker (2.11.0)
      i18n (>= 1.6, < 2)
    faraday (1.0.1)
      multipart-post (>= 1.2, < 3)
    ffi (1.14.2)
    foundation_emails (2.2.1.0)
    fugit (1.3.5)
      et-orbi (~> 1.1, >= 1.1.8)
      raabro (~> 1.1)
    globalid (0.4.2)
      activesupport (>= 4.2.0)
    haml (5.1.2)
      temple (>= 0.8.0)
      tilt
    hashdiff (1.0.1)
    htmlentities (4.3.4)
    http-cookie (1.0.3)
      domain_name (~> 0.5)
    httparty (0.18.0)
      mime-types (~> 3.0)
      multi_xml (>= 0.5.2)
    i18n (1.8.5)
      concurrent-ruby (~> 1.0)
    inky-rb (1.3.8.0)
      foundation_emails (~> 2)
      nokogiri
    interactor (3.1.2)
    interactor-rails (2.2.1)
      interactor (~> 3.0)
      rails (>= 4.2)
    jmespath (1.4.0)
    jquery-rails (4.4.0)
      rails-dom-testing (>= 1, < 3)
      railties (>= 4.2.0)
      thor (>= 0.14, < 2.0)
    jquery-ui-rails (6.0.1)
      railties (>= 3.2.16)
    jwt (2.2.1)
    kaminari (1.2.1)
      activesupport (>= 4.1.0)
      kaminari-actionview (= 1.2.1)
      kaminari-activerecord (= 1.2.1)
      kaminari-core (= 1.2.1)
    kaminari-actionview (1.2.1)
      actionview
      kaminari-core (= 1.2.1)
    kaminari-activerecord (1.2.1)
      activerecord
      kaminari-core (= 1.2.1)
    kaminari-core (1.2.1)
    launchy (2.5.0)
      addressable (~> 2.7)
    letter_opener (1.7.0)
      launchy (~> 2.2)
    listen (3.2.1)
      rb-fsevent (~> 0.10, >= 0.10.3)
      rb-inotify (~> 0.9, >= 0.9.10)
    loofah (2.7.0)
      crass (~> 1.0.2)
      nokogiri (>= 1.5.9)
    mail (2.7.1)
      mini_mime (>= 0.1.1)
    mailgun-ruby (1.2.0)
      rest-client (~> 2.0.2)
    marcel (0.3.3)
      mimemagic (~> 0.3.2)
    method_source (1.0.0)
    mime-types (3.3.1)
      mime-types-data (~> 3.2015)
    mime-types-data (3.2020.0512)
    mimemagic (0.3.5)
    mini_mime (1.0.2)
    mini_portile2 (2.5.0)
    minitest (5.14.2)
    msgpack (1.3.3)
    multi_xml (0.6.0)
    multipart-post (2.1.1)
    nested_form (0.3.2)
    netrc (0.11.0)
    nio4r (2.5.5)
    nokogiri (1.11.1)
      mini_portile2 (~> 2.5.0)
      racc (~> 1.4)
    orm_adapter (0.5.0)
    pg (1.2.3)
    premailer (1.11.1)
      addressable
      css_parser (>= 1.6.0)
      htmlentities (>= 4.0.0)
    premailer-rails (1.11.1)
      actionmailer (>= 3)
      premailer (~> 1.7, >= 1.7.9)
    public_suffix (4.0.5)
    puma (4.3.7)
      nio4r (~> 2.0)
    raabro (1.3.1)
    racc (1.5.2)
    rack (2.2.3)
    rack-cors (1.1.1)
      rack (>= 2.0.0)
    rack-pjax (1.1.0)
      nokogiri (~> 1.5)
      rack (>= 1.1)
    rack-protection (2.0.8.1)
      rack
    rack-test (1.1.0)
      rack (>= 1.0, < 3)
    rails (6.0.3.3)
      actioncable (= 6.0.3.3)
      actionmailbox (= 6.0.3.3)
      actionmailer (= 6.0.3.3)
      actionpack (= 6.0.3.3)
      actiontext (= 6.0.3.3)
      actionview (= 6.0.3.3)
      activejob (= 6.0.3.3)
      activemodel (= 6.0.3.3)
      activerecord (= 6.0.3.3)
      activestorage (= 6.0.3.3)
      activesupport (= 6.0.3.3)
      bundler (>= 1.3.0)
      railties (= 6.0.3.3)
      sprockets-rails (>= 2.0.0)
    rails-dom-testing (2.0.3)
      activesupport (>= 4.2.0)
      nokogiri (>= 1.6)
    rails-html-sanitizer (1.3.0)
      loofah (~> 2.3)
    rails_admin (2.0.2)
      activemodel-serializers-xml (>= 1.0)
      builder (~> 3.1)
      haml (>= 4.0, < 6)
      jquery-rails (>= 3.0, < 5)
      jquery-ui-rails (>= 5.0, < 7)
      kaminari (>= 0.14, < 2.0)
      nested_form (~> 0.3)
      rack-pjax (>= 0.7)
      rails (>= 5.0, < 7)
      remotipart (~> 1.3)
      sassc-rails (>= 1.3, < 3)
    railties (6.0.3.3)
      actionpack (= 6.0.3.3)
      activesupport (= 6.0.3.3)
      method_source
      rake (>= 0.8.7)
      thor (>= 0.20.3, < 2.0)
    rake (13.0.1)
    rb-fsevent (0.10.4)
    rb-inotify (0.10.1)
      ffi (~> 1.0)
    redis (4.1.4)
    remotipart (1.4.4)
    responders (3.0.0)
      actionpack (>= 5.0)
      railties (>= 5.0)
    rest-client (2.0.2)
      http-cookie (>= 1.0.2, < 2.0)
      mime-types (>= 1.16, < 4.0)
      netrc (~> 0.8)
    rqrcode (1.1.2)
      chunky_png (~> 1.0)
      rqrcode_core (~> 0.1)
    rqrcode_core (0.1.2)
    rufus-scheduler (3.6.0)
      fugit (~> 1.1, >= 1.1.6)
    safe_yaml (1.0.5)
    sassc (2.3.0)
      ffi (~> 1.9)
    sassc-rails (2.1.2)
      railties (>= 4.0.0)
      sassc (>= 2.0)
      sprockets (> 3.0)
      sprockets-rails
      tilt
    sentry-raven (3.0.0)
      faraday (>= 1.0)
    sidekiq (6.0.7)
      connection_pool (>= 2.2.2)
      rack (~> 2.0)
      rack-protection (>= 2.0.0)
      redis (>= 4.1.0)
    sidekiq-scheduler (3.0.1)
      e2mmap
      redis (>= 3, < 5)
      rufus-scheduler (~> 3.2)
      sidekiq (>= 3)
      thwait
      tilt (>= 1.4.0)
    spring (2.1.0)
    spring-watcher-listen (2.0.1)
      listen (>= 2.7, < 4.0)
      spring (>= 1.2, < 3.0)
    sprockets (4.0.2)
      concurrent-ruby (~> 1.0)
      rack (> 1, < 3)
    sprockets-rails (3.2.2)
      actionpack (>= 4.0)
      activesupport (>= 4.0)
      sprockets (>= 3.0.0)
    stripe (5.22.0)
    temple (0.8.2)
    thor (1.0.1)
    thread_safe (0.3.6)
    thwait (0.1.0)
    tilt (2.0.10)
    tzinfo (1.2.7)
      thread_safe (~> 0.1)
    unf (0.1.4)
      unf_ext
    unf_ext (0.0.7.7)
    warden (1.2.8)
      rack (>= 2.0.6)
    warden-jwt_auth (0.4.2)
      dry-auto_inject (~> 0.6)
      dry-configurable (~> 0.9, < 0.11)
      jwt (~> 2.1)
      warden (~> 1.2)
    webmock (3.8.3)
      addressable (>= 2.3.6)
      crack (>= 0.3.2)
      hashdiff (>= 0.4.0, < 2.0.0)
    websocket-driver (0.7.3)
      websocket-extensions (>= 0.1.0)
    websocket-extensions (0.1.5)
    zeitwerk (2.4.0)

PLATFORMS
  ruby

DEPENDENCIES
  activestorage-validator
  aws-sdk-s3
  bootsnap (>= 1.4.2)
  byebug
  devise-jwt
  dotenv-rails
  factory_bot_rails
  faker
  happypdf_renderer!
  inky-rb
  interactor-rails
  letter_opener
  listen (~> 3.2)
  mailgun-ruby (~> 1.2)
  pg
  premailer-rails
  puma (~> 4.1)
  rack-cors
  rails (~> 6.0.3)
  rails_admin
  rqrcode
  rspec-core!
  rspec-expectations!
  rspec-mocks!
  rspec-rails!
  rspec-support!
  sentry-raven
  sidekiq
  sidekiq-scheduler
  spring
  spring-watcher-listen (~> 2.0.0)
  stripe
  webmock

RUBY VERSION
   ruby 2.7.1p83

BUNDLED WITH
   2.1.4
